GEM
  remote: http://rubygems.org/
  specs:
    minitest (5.0.5)
    rake (10.1.0)

PLATFORMS
  ruby

DEPENDENCIES
  minitest
  rake
